GIT
  remote: git://github.com/mbleigh/ruby-openid.git
  revision: 4b6fdd152edbc9d1f617056879eb03bd82b78eb4
  specs:
    ruby-openid (2.1.8)

PATH
  remote: .
  specs:
    omniauth-openid (1.0.0.beta1)
      omniauth (~> 1.0.0.beta1)
      rack-openid (~> 1.3.1)

GEM
  remote: http://rubygems.org/
  specs:
    addressable (2.2.6)
    crack (0.3.1)
    diff-lcs (1.1.3)
    growl (1.0.3)
    guard (0.8.7)
      thor (~> 0.14.6)
    guard-rspec (0.5.0)
      guard (>= 0.8.4)
    hashie (1.2.0)
    multi_json (1.0.3)
    omniauth (1.0.0.pr2)
      hashie
      rack
    rack (1.3.5)
    rack-openid (1.3.1)
      rack (>= 1.1.0)
      ruby-openid (>= 2.1.8)
    rack-protection (1.1.2)
      rack
    rack-test (0.6.1)
      rack (>= 1.0)
    rake (0.9.2)
    rb-fsevent (0.4.3.1)
    rdiscount (1.6.8)
    rspec (2.7.0)
      rspec-core (~> 2.7.0)
      rspec-expectations (~> 2.7.0)
      rspec-mocks (~> 2.7.0)
    rspec-core (2.7.0)
    rspec-expectations (2.7.0)
      diff-lcs (~> 1.1.2)
    rspec-mocks (2.7.0)
    simplecov (0.5.4)
      multi_json (~> 1.0.3)
      simplecov-html (~> 0.5.3)
    simplecov-html (0.5.3)
    sinatra (1.3.0)
      rack (~> 1.3)
      rack-protection (~> 1.1)
      tilt (~> 1.3)
    thor (0.14.6)
    tilt (1.3.3)
    webmock (1.7.7)
      addressable (> 2.2.5, ~> 2.2)
      crack (>= 0.1.7)
    yard (0.7.2)

PLATFORMS
  ruby

DEPENDENCIES
  growl
  guard
  guard-rspec
  jruby-openssl (~> 0.7)
  omniauth-openid!
  rack-test (~> 0.5)
  rake (~> 0.8)
  rb-fsevent
  rdiscount (~> 1.6)
  rspec (~> 2.5)
  ruby-openid (= 2.1.8)!
  simplecov (~> 0.4)
  sinatra
  webmock (~> 1.7)
  yard (~> 0.7)
